GIT
  remote: https://github.com/charlottejuniordevs/api_toolbox
  revision: 011fd97dd579b9d3830b96b1fbad0367c878181c
  specs:
    api_toolbox (0.1.0)
      httparty
      interactor

GEM
  remote: https://rubygems.org/
  specs:
    activesupport-inflector (0.1.0)
    coderay (1.1.1)
    dotenv (2.2.0)
    httparty (0.14.0)
      multi_xml (>= 0.5.2)
    i18n (0.8.1)
    interactor (3.1.0)
    method_source (0.8.2)
    multi_xml (0.6.0)
    pry (0.10.4)
      coderay (~> 1.1.0)
      method_source (~> 0.8.1)
      slop (~> 3.4)
    rack (1.6.5)
    rack-protection (1.5.3)
      rack
    sinatra (1.4.8)
      rack (~> 1.5)
      rack-protection (~> 1.4)
      tilt (>= 1.3, < 3)
    slop (3.6.0)
    tilt (2.0.7)

PLATFORMS
  ruby

DEPENDENCIES
  activesupport-inflector
  api_toolbox!
  dotenv
  i18n
  pry
  sinatra

BUNDLED WITH
   1.14.5
